PATH
  remote: .
  specs:
    blast_commander (0.0.1)
      entrez
      nori (= 1.1.3)

GEM
  remote: http://rubygems.org/
  specs:
    entrez (0.5.8.1)
      httparty
    httparty (0.11.0)
      multi_json (~> 1.0)
      multi_xml (>= 0.5.2)
    multi_json (1.7.2)
    multi_xml (0.5.3)
    nori (1.1.3)

PLATFORMS
  ruby

DEPENDENCIES
  blast_commander!
